PATH
  remote: .
  specs:
    dorkbox (0.9.1)
      thor (~> 0.19.1)

GEM
  remote: https://rubygems.org/
  specs:
    thor (0.19.1)

PLATFORMS
  ruby

DEPENDENCIES
  dorkbox!
